GEM
  remote: https://rubygems.org/
  specs:
    TimezoneParser (0.2.0)
      insensitive_hash
      tzinfo
    addressable (2.4.0)
    backports (3.6.7)
    crass (1.0.2)
    dotenv (2.1.0)
    faraday (0.9.2)
      multipart-post (>= 1.2, < 3)
    ffi (1.9.10)
    google_calendar (0.5.1)
      TimezoneParser (~> 0.2.0)
      json (~> 1.8)
      signet (~> 0.6)
    httparty (0.14.0)
      multi_xml (>= 0.5.2)
    insensitive_hash (0.3.3)
    json (1.8.3)
    jwt (1.5.2)
    listen (3.0.5)
      rb-fsevent (>= 0.9.3)
      rb-inotify (>= 0.9)
    mime-types (3.1)
      mime-types-data (~> 3.2015)
    mime-types-data (3.2016.0521)
    mini_portile2 (2.1.0)
    multi_json (1.11.2)
    multi_xml (0.5.5)
    multipart-post (2.0.0)
    nokogiri (1.6.8.1)
      mini_portile2 (~> 2.1.0)
    nokogumbo (1.4.9)
      nokogiri
    rack (1.6.4)
    rack-protection (1.5.3)
      rack
    rack-test (0.6.3)
      rack (>= 1.0)
    rb-fsevent (0.9.7)
    rb-inotify (0.9.5)
      ffi (>= 0.5.0)
    rerun (0.11.0)
      listen (~> 3.0)
    sanitize (4.2.0)
      crass (~> 1.0.2)
      nokogiri (>= 1.4.4)
      nokogumbo (~> 1.4.1)
    signet (0.7.2)
      addressable (~> 2.3)
      faraday (~> 0.9)
      jwt (~> 1.5)
      multi_json (~> 1.10)
    sinatra (1.4.6)
      rack (~> 1.4)
      rack-protection (~> 1.4)
      tilt (>= 1.3, < 3)
    sinatra-contrib (1.4.6)
      backports (>= 2.0)
      multi_json
      rack-protection
      rack-test
      sinatra (~> 1.4.0)
      tilt (>= 1.3, < 3)
    slack-notifier (1.5.1)
    thread_safe (0.3.5)
    tilt (2.0.2)
    tzinfo (1.2.2)
      thread_safe (~> 0.1)
    wuparty (1.2.5)
      httparty (>= 0.6.1)
      mime-types (>= 1.16)
      multipart-post (>= 1.0.1)

PLATFORMS
  ruby

DEPENDENCIES
  dotenv
  google_calendar
  rerun
  sanitize
  sinatra
  sinatra-contrib
  slack-notifier
  wuparty

RUBY VERSION
   ruby 2.3.0p0

BUNDLED WITH
   1.12.5
