GEM
  remote: https://rubygems.org/
  specs:
    TimezoneParser (0.2.0)
      insensitive_hash
      tzinfo
    addressable (2.5.1)
      public_suffix (~> 2.0, >= 2.0.2)
    backports (3.7.0)
    crass (1.0.2)
    dotenv (2.2.0)
    faraday (0.12.1)
      multipart-post (>= 1.2, < 3)
    ffi (1.9.18)
    google_calendar (0.6.2)
      TimezoneParser (~> 0.2.0)
      json (>= 1.8.3, < 2.1)
      signet (~> 0.7)
    httparty (0.14.0)
      multi_xml (>= 0.5.2)
    insensitive_hash (0.3.3)
    json (2.0.4)
    jwt (1.5.6)
    listen (3.1.5)
      rb-fsevent (~> 0.9, >= 0.9.4)
      rb-inotify (~> 0.9, >= 0.9.7)
      ruby_dep (~> 1.2)
    mime-types (1.25.1)
    mini_portile2 (2.1.0)
    multi_json (1.12.1)
    multi_xml (0.6.0)
    multipart-post (2.0.0)
    nokogiri (1.7.1)
      mini_portile2 (~> 2.1.0)
    nokogumbo (1.4.10)
      nokogiri
    public_suffix (2.0.5)
    rack (1.6.5)
    rack-protection (1.5.3)
      rack
    rack-test (0.6.3)
      rack (>= 1.0)
    rb-fsevent (0.9.8)
    rb-inotify (0.9.8)
      ffi (>= 0.5.0)
    rerun (0.11.0)
      listen (~> 3.0)
    ruby_dep (1.5.0)
    sanitize (4.4.0)
      crass (~> 1.0.2)
      nokogiri (>= 1.4.4)
      nokogumbo (~> 1.4.1)
    signet (0.7.3)
      addressable (~> 2.3)
      faraday (~> 0.9)
      jwt (~> 1.5)
      multi_json (~> 1.10)
    sinatra (1.4.8)
      rack (~> 1.5)
      rack-protection (~> 1.4)
      tilt (>= 1.3, < 3)
    sinatra-contrib (1.4.7)
      backports (>= 2.0)
      multi_json
      rack-protection
      rack-test
      sinatra (~> 1.4.0)
      tilt (>= 1.3, < 3)
    slack-notifier (2.1.0)
    thread_safe (0.3.6)
    tilt (2.0.7)
    tzinfo (1.2.3)
      thread_safe (~> 0.1)
    wuparty (1.2.6)
      httparty (>= 0.6.1)
      mime-types (~> 1.16)
      multipart-post (>= 1.0.1)

PLATFORMS
  ruby

DEPENDENCIES
  dotenv
  google_calendar
  rerun
  sanitize
  sinatra
  sinatra-contrib
  slack-notifier
  wuparty

RUBY VERSION
   ruby 2.3.1p112

BUNDLED WITH
   1.14.4
